GEM
  remote: http://rubygems.org/
  specs:
    gosu (0.7.29)
    json (1.5.1)
    mkrf (0.2.3)
    rake (0.8.7)
    ruby-opengl (0.60.1)
      mkrf (>= 0.2.0)
      rake

PLATFORMS
  ruby

DEPENDENCIES
  gosu
  json
  ruby-opengl
