GEM
  remote: http://rubygems.org/
  specs:
    archive-tar-minitar (0.5.2)
    gosu (0.7.27.1)
    linecache19 (0.5.11)
      ruby_core_source (>= 0.1.4)
    mkrf (0.2.3)
    rake (0.8.7)
    ruby-opengl (0.60.1)
      mkrf (>= 0.2.0)
      rake
    ruby_core_source (0.1.4)
      archive-tar-minitar (>= 0.5.2)

PLATFORMS
  ruby

DEPENDENCIES
  gosu
  linecache19
  ruby-opengl
