GEM
  remote: https://rubygems.org/
  specs:
    gosu (0.7.50)
    json (1.8.1)
    opengl (0.9.0)
    ruby-opengl (0.61.0)
      opengl

PLATFORMS
  ruby

DEPENDENCIES
  gosu
  json
  ruby-opengl
