GEM
  remote: https://rubygems.org/
  specs:
    glu (8.2.0)
    glut (8.2.0)
    gosu (0.7.50)
    json (1.8.1)
    opengl (0.9.0)
    ruby-opengl (0.61.0)
      opengl

PLATFORMS
  ruby

DEPENDENCIES
  glu
  glut
  gosu
  json
  ruby-opengl
